GEM
  remote: http://rubygems.org/
  specs:
    addressable (2.3.2)
    aggregate (0.2.2)
    cookiejar (0.3.0)
    daemons (1.1.8)
    em-http-request (1.0.2)
      addressable (>= 2.2.3)
      cookiejar
      em-socksify
      eventmachine (>= 1.0.0.beta.4)
      http_parser.rb (>= 0.5.3)
    em-socksify (0.2.0)
      eventmachine (>= 1.0.0.beta.4)
    em-twitter (0.1.4)
      eventmachine (>= 1.0.0.beta.4)
      http_parser.rb (~> 0.5)
      simple_oauth (~> 0.1)
    eventmachine (1.0.0.rc.4)
    faraday (0.8.1)
      multipart-post (~> 1.1)
    http_parser.rb (0.5.3)
    librato-metrics (0.7.0)
      aggregate (~> 0.2.2)
      faraday (~> 0.7)
      multi_json (~> 1.3)
    multi_json (1.3.6)
    multipart-post (1.1.5)
    rack (1.4.1)
    rack-protection (1.2.0)
      rack
    redis (3.0.1)
    redis-namespace (1.2.1)
      redis (~> 3.0.0)
    remote_syslog_logger (1.0.3)
      syslog_protocol
    resque (1.21.0)
      multi_json (~> 1.0)
      redis-namespace (~> 1.0)
      sinatra (>= 0.9.2)
      vegas (~> 0.1.2)
    simple_oauth (0.1.9)
    sinatra (1.3.2)
      rack (~> 1.3, >= 1.3.6)
      rack-protection (~> 1.2)
      tilt (~> 1.3, >= 1.3.3)
    syslog_protocol (0.9.2)
    tilt (1.3.3)
    tweetstream (2.1.0)
      daemons (~> 1.1)
      em-http-request (~> 1.0.2)
      em-twitter (~> 0.1)
      multi_json (~> 1.3)
      twitter (~> 3.2)
    twitter (3.4.1)
      faraday (~> 0.8)
      multi_json (~> 1.3)
      simple_oauth (~> 0.1.6)
    vegas (0.1.11)
      rack (>= 1.0.0)

PLATFORMS
  ruby

DEPENDENCIES
  addressable
  librato-metrics
  remote_syslog_logger
  resque
  tweetstream (~> 2.1.0)
