GEM
  remote: http://rubygems.org/
  specs:
    activemodel (3.2.9)
      activesupport (= 3.2.9)
      builder (~> 3.0.0)
    activerecord (3.2.9)
      activemodel (= 3.2.9)
      activesupport (= 3.2.9)
      arel (~> 3.0.2)
      tzinfo (~> 0.3.29)
    activesupport (3.2.9)
      i18n (~> 0.6)
      multi_json (~> 1.0)
    addressable (2.3.2)
    arel (3.0.2)
    bountydeps (2012.11.1913)
      activerecord
      addressable
      curb
      expectation
      girl_friday
      neography
      oj
      pg
      rake
      remote_syslog_logger
      resque
      simple_cache_rs
      twitter
    builder (3.0.4)
    connection_pool (0.9.2)
    cookiejar (0.3.0)
    curb (0.8.3)
    daemons (1.1.9)
    em-http-request (1.0.3)
      addressable (>= 2.2.3)
      cookiejar
      em-socksify
      eventmachine (>= 1.0.0.beta.4)
      http_parser.rb (>= 0.5.3)
    em-socksify (0.2.1)
      eventmachine (>= 1.0.0.beta.4)
    em-twitter (0.1.4)
      eventmachine (>= 1.0.0.beta.4)
      http_parser.rb (~> 0.5)
      simple_oauth (~> 0.1)
    eventmachine (1.0.0)
    excon (0.16.4)
    expectation (0.1.1)
    faraday (0.8.4)
      multipart-post (~> 1.1)
    foreman (0.60.0)
      thor (>= 0.13.6)
    girl_friday (0.11.1)
      connection_pool (~> 0.9.0)
      rubinius-actor
    heroku (2.32.6)
      heroku-api (~> 0.3.5)
      launchy (>= 0.3.2)
      netrc (~> 0.7.7)
      rest-client (~> 1.6.1)
      rubyzip
    heroku-api (0.3.5)
      excon (~> 0.16.1)
    http_parser.rb (0.5.3)
    httparty (0.9.0)
      multi_json (~> 1.0)
      multi_xml
    i18n (0.6.1)
    json (1.7.5)
    kibo (0.4.0)
      foreman
      heroku
      mash
      netrc
      rake
      thor
      trollop
    launchy (2.1.2)
      addressable (~> 2.3)
    mash (0.1.1)
    mime-types (1.19)
    multi_json (1.3.7)
    multi_xml (0.5.1)
    multipart-post (1.1.5)
    neography (1.0.2)
      httparty (>= 0.8.1)
      json (>= 1.6.0)
      multi_json (>= 1.3.2)
      os (>= 0.9.6)
      rake (>= 0.8.7)
      rubyzip (>= 0.9.7)
    netrc (0.7.7)
    oj (1.4.4)
    os (0.9.6)
    pg (0.14.1)
    psych (1.3.4)
    rack (1.4.1)
    rack-protection (1.2.0)
      rack
    rake (10.0.1)
    redis (3.0.2)
    redis-namespace (1.2.1)
      redis (~> 3.0.0)
    remote_syslog_logger (1.0.3)
      syslog_protocol
    resque (1.23.0)
      multi_json (~> 1.0)
      redis-namespace (~> 1.0)
      sinatra (>= 0.9.2)
      vegas (~> 0.1.2)
    rest-client (1.6.7)
      mime-types (>= 1.16)
    rubinius-actor (0.0.2)
      rubinius-core-api
    rubinius-core-api (0.0.1)
    rubyzip (0.9.9)
    simple_cache_rs (0.11.0)
      expectation
      redis
      redis-namespace
    simple_oauth (0.1.9)
    sinatra (1.3.3)
      rack (~> 1.3, >= 1.3.6)
      rack-protection (~> 1.2)
      tilt (~> 1.3, >= 1.3.3)
    syslog_protocol (0.9.2)
    thin (1.5.0)
      daemons (>= 1.0.9)
      eventmachine (>= 0.12.6)
      rack (>= 1.0.0)
    thor (0.16.0)
    tilt (1.3.3)
    trollop (2.0)
    tweetstream (2.2.0)
      daemons (~> 1.1)
      em-http-request (~> 1.0.2)
      em-twitter (~> 0.1)
      multi_json (~> 1.3)
      twitter (~> 4.0)
    twitter (4.2.0)
      faraday (~> 0.8)
      multi_json (~> 1.3)
      simple_oauth (~> 0.1.6)
    tzinfo (0.3.35)
    vegas (0.1.11)
      rack (>= 1.0.0)

PLATFORMS
  ruby

DEPENDENCIES
  bountydeps
  eventmachine
  foreman
  kibo (~> 0.4)
  psych
  sinatra
  thin
  trollop
  tweetstream (~> 2.2.0)
