GEM
  remote: http://rubygems.org/
  specs:
    addressable (2.3.2)
    aggregate (0.2.2)
    daemons (1.1.8)
    eventmachine (0.12.10)
    faraday (0.8.1)
      multipart-post (~> 1.1)
    http_parser.rb (0.5.3)
    librato-metrics (0.7.0)
      aggregate (~> 0.2.2)
      faraday (~> 0.7)
      multi_json (~> 1.3)
    multi_json (1.3.6)
    multipart-post (1.1.5)
    rack (1.4.1)
    rack-protection (1.2.0)
      rack
    redis (3.0.1)
    redis-namespace (1.2.1)
      redis (~> 3.0.0)
    remote_syslog_logger (1.0.3)
      syslog_protocol
    resque (1.21.0)
      multi_json (~> 1.0)
      redis-namespace (~> 1.0)
      sinatra (>= 0.9.2)
      vegas (~> 0.1.2)
    simple_oauth (0.1.9)
    sinatra (1.3.2)
      rack (~> 1.3, >= 1.3.6)
      rack-protection (~> 1.2)
      tilt (~> 1.3, >= 1.3.3)
    syslog_protocol (0.9.2)
    tilt (1.3.3)
    tweetstream (1.1.5)
      daemons (~> 1.1)
      multi_json (~> 1.3)
      twitter-stream (>= 0.1.14, < 1)
    twitter-stream (0.1.16)
      eventmachine (>= 0.12.8)
      http_parser.rb (~> 0.5.1)
      simple_oauth (~> 0.1.4)
    vegas (0.1.11)
      rack (>= 1.0.0)

PLATFORMS
  ruby

DEPENDENCIES
  addressable
  eventmachine
  librato-metrics
  remote_syslog_logger
  resque
  tweetstream
